GEM
  remote: https://rubygems.org/
  specs:
    byebug (11.1.1)
    childprocess (3.0.0)
    coderay (1.1.2)
    ffi (1.12.1)
    graphviz (1.1.0)
      process-pipeline
    method_source (0.9.2)
    mini_portile2 (2.5.1)
    nokogiri (1.11.4)
      mini_portile2 (~> 2.5.0)
      racc (~> 1.4)
    process-group (1.2.1)
      process-terminal (~> 0.2.0)
    process-pipeline (1.0.1)
      process-group
    process-terminal (0.2.0)
      ffi
    pry (0.12.2)
      coderay (~> 1.1.0)
      method_source (~> 0.9.0)
    pry-byebug (3.8.0)
      byebug (~> 11.0)
      pry (~> 0.10)
    racc (1.5.2)
    rubyzip (2.1.0)
    selenium-webdriver (3.142.7)
      childprocess (>= 0.5, < 4.0)
      rubyzip (>= 1.2.2)

PLATFORMS
  ruby

DEPENDENCIES
  graphviz
  nokogiri
  pry
  pry-byebug
  selenium-webdriver

BUNDLED WITH
   1.17.2
